{
    "AcquisitionNumber": 1,
    "AcquisitionTime": "10:47:29.865000",
    "BrainVoyagerInfo": {
        "AcquisitionTime": "104729.865000",
        "CalculatedDicomSlice1CenterX": -1.7633391618728638,
        "CalculatedDicomSlice1CenterY": -29.60811424255371,
        "CalculatedDicomSlice1CenterZ": -81.40664672851562,
        "CalculatedDicomSliceNCenterX": -0.7069770693778992,
        "CalculatedDicomSliceNCenterY": 2.531024932861328,
        "CalculatedDicomSliceNCenterZ": 41.9716682434082,
        "CoordinateSystem": 1,
        "DataStorageFormat": 2,
        "DataType": 2,
        "DicomColDirX": 0,
        "DicomColDirY": 0.9677063226699829,
        "DicomColDirZ": -0.25208035111427307,
        "DicomFoVCols": 210,
        "DicomFoVRows": 210,
        "DicomGapThickness": 0,
        "DicomNCols": 84,
        "DicomNRows": 84,
        "DicomPosInfoPresent": 1,
        "DicomRowDirX": 0.9999656677246094,
        "DicomRowDirY": -0.0020885516423732042,
        "DicomRowDirZ": -0.008017628453671932,
        "DicomSliceThickness": 2.5,
        "DocumentType": "FMR",
        "MultiBandSequence": true,
        "NrOfPastSpatialTransformations": 0,
        "NrOfPreprocessingSteps": 0,
        "NrOfSkippedVolumes": 0,
        "Protocol": {
            "Conditions": [
                {
                    "ColorB": 255,
                    "ColorG": 0,
                    "ColorR": 0,
                    "IntervalsFrom": [
                        17,
                        49,
                        81,
                        113,
                        137,
                        165,
                        201,
                        237
                    ],
                    "IntervalsTo": [
                        17,
                        49,
                        81,
                        113,
                        137,
                        165,
                        201,
                        237
                    ],
                    "Name": "Face_Left",
                    "NrOfIntervals": 8
                },
                {
                    "ColorB": 255,
                    "ColorG": 128,
                    "ColorR": 0,
                    "IntervalsFrom": [
                        21,
                        53,
                        85,
                        117,
                        141,
                        169,
                        205,
                        241
                    ],
                    "IntervalsTo": [
                        21,
                        53,
                        85,
                        117,
                        141,
                        169,
                        205,
                        241
                    ],
                    "Name": "Face_Center",
                    "NrOfIntervals": 8
                },
                {
                    "ColorB": 255,
                    "ColorG": 255,
                    "ColorR": 0,
                    "IntervalsFrom": [
                        29,
                        61,
                        89,
                        93,
                        121,
                        145,
                        173,
                        213,
                        217,
                        245
                    ],
                    "IntervalsTo": [
                        29,
                        61,
                        89,
                        93,
                        121,
                        145,
                        173,
                        213,
                        217,
                        245
                    ],
                    "Name": "Face_Right",
                    "NrOfIntervals": 10
                },
                {
                    "ColorB": 128,
                    "ColorG": 255,
                    "ColorR": 128,
                    "IntervalsFrom": [
                        33,
                        65,
                        97,
                        125,
                        149,
                        177,
                        181,
                        221,
                        253
                    ],
                    "IntervalsTo": [
                        33,
                        65,
                        97,
                        125,
                        149,
                        177,
                        181,
                        221,
                        253
                    ],
                    "Name": "Hand_Left",
                    "NrOfIntervals": 9
                },
                {
                    "ColorB": 0,
                    "ColorG": 255,
                    "ColorR": 255,
                    "IntervalsFrom": [
                        41,
                        69,
                        101,
                        129,
                        153,
                        185,
                        225,
                        257
                    ],
                    "IntervalsTo": [
                        41,
                        69,
                        101,
                        129,
                        153,
                        185,
                        225,
                        257
                    ],
                    "Name": "Hand_Center",
                    "NrOfIntervals": 8
                },
                {
                    "ColorB": 0,
                    "ColorG": 128,
                    "ColorR": 255,
                    "IntervalsFrom": [
                        45,
                        73,
                        109,
                        133,
                        161,
                        189,
                        233,
                        261
                    ],
                    "IntervalsTo": [
                        45,
                        73,
                        109,
                        133,
                        161,
                        189,
                        233,
                        261
                    ],
                    "Name": "Hand_Right",
                    "NrOfIntervals": 8
                }
            ],
            "FileName": "sub-23_ses-01_VAR5_run-5.prt",
            "Name": "newbi4fmri_VAR5_Suboptimal-Event-Related",
            "NrOfConditions": 6,
            "TimeCourseColors": {
                "RefTCPenThick": 3,
                "RefTimeCourseB": 80,
                "RefTimeCourseG": 0,
                "RefTimeCourseR": 0,
                "TCBackColorB": 0,
                "TCBackColorG": 0,
                "TCBackColorR": 0,
                "TCPenThick": 3,
                "TCTextColorB": 255,
                "TCTextColorG": 255,
                "TCTextColorR": 255,
                "TimeCourseB": 255,
                "TimeCourseG": 255,
                "TimeCourseR": 255
            },
            "TimeResolution": "Volumes"
        },
        "SliceAcquisitionOrder": 5,
        "SliceAcquisitionOrderVerified": true,
        "SliceGap": 0,
        "SliceThickness": 2.5,
        "SliceTimingTable": [
            0,
            0.5275,
            0.0775,
            0.605,
            0.1525,
            0.68,
            0.2275,
            0.755,
            0.3025,
            0.83,
            0.3775,
            0.905,
            0.4525,
            0,
            0.5275,
            0.0775,
            0.605,
            0.1525,
            0.68,
            0.2275,
            0.755,
            0.3025,
            0.83,
            0.3775,
            0.905,
            0.4525,
            0,
            0.5275,
            0.0775,
            0.605,
            0.1525,
            0.68,
            0.2275,
            0.755,
            0.3025,
            0.83,
            0.3775,
            0.905,
            0.4525,
            0,
            0.5275,
            0.0775,
            0.605,
            0.1525,
            0.68,
            0.2275,
            0.755,
            0.3025,
            0.83,
            0.3775,
            0.905,
            0.4525
        ],
        "SliceTimingTableSize": 52,
        "TE": 0.028,
        "TR": 1,
        "TimeResolutionVerified": true,
        "Version": 1,
        "VoxelResolutionVerified": true
    },
    "ConversionSoftware": "BrainVoyager",
    "ConversionSoftwareVersion": "21.4.5.4030",
    "ImageNumber": 1,
    "ImageOrientationPatientDICOM": [
        0.99996567720736,
        -0.002088551573,
        -0.0080176280503,
        1.8043676e-08,
        0.96770630721323,
        -0.2520803502452
    ],
    "ImagePositionPatientDICOM": [
        -840.48456954516,
        -839.52001108181,
        136.75053602113
    ],
    "ImageType": "ORIGINAL PRIMARY M MB ND NORM MOSAIC",
    "MagneticFieldStrength": 3,
    "Manufacturer": "SIEMENS",
    "ManufacturersModelName": "Prisma_fit",
    "Modality": "MR",
    "NrOfTemporalPositions": 0,
    "PatientPosition": "HFS",
    "RepetitionTime": 1,
    "SeriesDescription": "ep_mb4_2.5iso",
    "SeriesNumber": 9,
    "SiemensMosaicSliceAcqOrder": 3,
    "SiemensMosaicTE": 0.028,
    "SiemensMosaicTR": 1,
    "SliceThickness": 2.5,
    "SliceTiming": [
        0,
        0.5275,
        0.0775,
        0.605,
        0.1525,
        0.68,
        0.2275,
        0.755,
        0.3025,
        0.83,
        0.3775,
        0.905,
        0.4525,
        0,
        0.5275,
        0.0775,
        0.605,
        0.1525,
        0.68,
        0.2275,
        0.755,
        0.3025,
        0.83,
        0.3775,
        0.905,
        0.4525,
        0,
        0.5275,
        0.0775,
        0.605,
        0.1525,
        0.68,
        0.2275,
        0.755,
        0.3025,
        0.83,
        0.3775,
        0.905,
        0.4525,
        0,
        0.5275,
        0.0775,
        0.605,
        0.1525,
        0.68,
        0.2275,
        0.755,
        0.3025,
        0.83,
        0.3775,
        0.905,
        0.4525
    ],
    "StudyDescription": "newbi4fmri_VAR5_Suboptimal-Event-Related",
    "TaskName": "newbi4fmri_VAR5_Suboptimal-Event-Related"
}
